GEM
  remote: https://rubygems.org/
  specs:
    bson (1.11.1)
    bson_ext (1.11.1)
      bson (~> 1.11.1)
    json (1.8.1)
    kgio (2.9.2)
    mongo (1.11.1)
      bson (= 1.11.1)
    rack (1.5.2)
    raindrops (0.13.0)
    sinatra (1.1.0)
      rack (~> 1.1)
      tilt (~> 1.1)
    tilt (1.4.1)
    unicorn (4.8.3)
      kgio (~> 2.6)
      rack
      raindrops (~> 0.7)

PLATFORMS
  ruby

DEPENDENCIES
  bson_ext
  json
  mongo
  sinatra (= 1.1.0)
  unicorn
